GEM
  remote: https://rubygems.org/
  specs:
    artii (2.1.1)
    ruby-terminfo (0.1.1)

PLATFORMS
  ruby

DEPENDENCIES
  artii
  ruby-terminfo

BUNDLED WITH
   1.11.2
